GEM
  remote: http://rubygems.org/
  specs:
    em-serialport (0.0.2)
      eventmachine (= 0.12.10)
      serialport
    eventmachine (0.12.10)
    rake (0.9.2.2)
    ruby_protobuf (0.4.11)
    serialport (1.1.0)

PLATFORMS
  ruby

DEPENDENCIES
  bundler
  em-serialport
  eventmachine
  rake
  ruby_protobuf
  serialport
