GEM
  remote: http://rubygems.org/
  remote: http://gems.rubyforge.org/
  remote: http://gems.github.com/
  specs:
    archive-tar-minitar (0.5.2)
    columnize (0.3.6)
    em-serialport (0.0.2)
      eventmachine (= 0.12.10)
      serialport
    eventmachine (0.12.10)
    linecache19 (0.5.13)
      ruby_core_source (>= 0.1.4)
    rake (0.9.2.2)
    ruby-debug-base19x (0.11.30.pre10)
      columnize (>= 0.3.1)
      linecache19 (>= 0.5.11)
      rake (>= 0.8.1)
      ruby_core_source (>= 0.1.4)
    ruby-debug-ide (0.4.17.beta14)
      rake (>= 0.8.1)
    ruby_core_source (0.1.5)
      archive-tar-minitar (>= 0.5.2)
    ruby_protobuf (0.4.11)
    serialport (1.1.0)

PLATFORMS
  ruby

DEPENDENCIES
  bundler
  em-serialport
  eventmachine
  rake
  ruby-debug-base19x
  ruby-debug-ide
  ruby_protobuf
  serialport
